GEM
  remote: https://rubygems.org/
  specs:
    eventmachine (1.0.0.rc.4)
    eventmachine (1.0.0.rc.4-java)
    json (1.5.0-java)
    json-jruby (1.5.0-java)
      json (= 1.5.0)
    metaclass (0.0.1)
    mocha (0.11.3)
      metaclass (~> 0.0.1)
    rake (0.9.2.2)
    redis (3.1.0)
    yard (0.8.2)

PLATFORMS
  java
  ruby

DEPENDENCIES
  eventmachine (~> 1.0.0.rc.4)
  json-jruby
  mocha
  rake
  redis (~> 3.1.0)
  yard
